PATH
  remote: .
  specs:
    almodovar (0.5.5)
      activesupport (~> 2.3.0)
      nokogiri
      resourceful (= 0.5.3)

GEM
  remote: http://rubygems.org/
  specs:
    activesupport (2.3.10)
    addressable (2.2.2)
    crack (0.1.8)
    httpauth (0.1)
    nokogiri (1.4.4)
    rake (0.8.7)
    resourceful (0.5.3)
      addressable
      httpauth
    rspec (1.3.1)
    steak (1.0.0)
      rspec
    webmock (1.3.4)
      addressable (>= 2.1.1)
      crack (>= 0.1.7)

PLATFORMS
  ruby

DEPENDENCIES
  activesupport (~> 2.3.0)
  almodovar!
  nokogiri
  rake
  resourceful (= 0.5.3)
  rspec (~> 1.3.0)
  steak
  webmock (~> 1.3.0)
