PATH
  remote: .
  specs:
    almodovar (0.6.2)
      activesupport
      builder
      i18n
      nokogiri
      patron
      yajl-ruby

GEM
  remote: http://rubygems.org/
  specs:
    activesupport (3.1.0)
      multi_json (~> 1.0)
    addressable (2.2.6)
    builder (3.0.0)
    crack (0.1.8)
    diff-lcs (1.1.3)
    i18n (0.6.0)
    lorax (0.2.0)
      nokogiri (>= 1.4.0)
    multi_json (1.0.3)
    nokogiri (1.5.0)
    patron (0.4.18)
    rake (0.9.2)
    rdoc (3.9.4)
    rspec (2.9.0)
      rspec-core (~> 2.9.0)
      rspec-expectations (~> 2.9.0)
      rspec-mocks (~> 2.9.0)
    rspec-core (2.9.0)
    rspec-expectations (2.9.1)
      diff-lcs (~> 1.1.3)
    rspec-mocks (2.9.0)
    webmock (1.7.6)
      addressable (~> 2.2, > 2.2.5)
      crack (>= 0.1.7)
    yajl-ruby (1.1.0)

PLATFORMS
  ruby

DEPENDENCIES
  activesupport (~> 3.1.0)
  almodovar!
  lorax
  rake
  rdoc
  rspec
  webmock
